PATH
  remote: /Users/devalias/dev/jekyll-webmention-io
  specs:
    jekyll-webmention-io (0.1.0)

GEM
  remote: https://rubygems.org/
  specs:
    addressable (2.5.1)
      public_suffix (~> 2.0, >= 2.0.2)
    backports (3.8.0)
    classifier-reborn (2.1.0)
      fast-stemmer (~> 1.0)
    colorator (1.1.0)
    faraday (0.12.1)
      multipart-post (>= 1.2, < 3)
    fast-stemmer (1.0.2)
    ffi (1.9.18)
    forwardable-extended (2.6.0)
    gsl (2.1.0.2)
    jekyll (3.4.3)
      addressable (~> 2.4)
      colorator (~> 1.0)
      jekyll-sass-converter (~> 1.0)
      jekyll-watch (~> 1.1)
      kramdown (~> 1.3)
      liquid (~> 3.0)
      mercenary (~> 0.3.3)
      pathutil (~> 0.9)
      rouge (~> 1.7)
      safe_yaml (~> 1.0)
    jekyll-admin (0.4.1)
      addressable (~> 2.4)
      jekyll (~> 3.3)
      sinatra (~> 1.4)
      sinatra-contrib (~> 1.4)
    jekyll-compose (0.5.0)
      jekyll (>= 3.0.0)
    jekyll-crosspost-to-medium (0.1.14)
    jekyll-deploy (0.0.2)
    jekyll-feed (0.9.2)
      jekyll (~> 3.3)
    jekyll-gist (1.4.0)
      octokit (~> 4.2)
    jekyll-github-metadata (2.4.0)
      jekyll (~> 3.1)
      octokit (~> 4.0, != 4.4.0)
    jekyll-paginate (1.1.0)
    jekyll-redirect-from (0.12.1)
      jekyll (~> 3.3)
    jekyll-sass-converter (1.5.0)
      sass (~> 3.4)
    jekyll-seo-tag (2.2.1)
      jekyll (~> 3.3)
    jekyll-sitemap (1.1.1)
      jekyll (~> 3.3)
    jekyll-time-to-read (0.1.2)
      jekyll
    jekyll-twitter-plugin (2.0.0)
    jekyll-watch (1.5.0)
      listen (~> 3.0, < 3.1)
    jekyll_version_plugin (2.0.0)
    kramdown (1.13.2)
    liquid (3.0.6)
    listen (3.0.8)
      rb-fsevent (~> 0.9, >= 0.9.4)
      rb-inotify (~> 0.9, >= 0.9.7)
    mercenary (0.3.6)
    multi_json (1.12.1)
    multipart-post (2.0.0)
    octokit (4.7.0)
      sawyer (~> 0.8.0, >= 0.5.3)
    pathutil (0.14.0)
      forwardable-extended (~> 2.6)
    public_suffix (2.0.5)
    rack (1.6.5)
    rack-protection (1.5.3)
      rack
    rack-test (0.6.3)
      rack (>= 1.0)
    rb-fsevent (0.9.8)
    rb-gsl (1.16.0.6)
      gsl
    rb-inotify (0.9.8)
      ffi (>= 0.5.0)
    redcarpet (3.4.0)
    rouge (1.11.1)
    safe_yaml (1.0.4)
    sass (3.4.23)
    sawyer (0.8.1)
      addressable (>= 2.3.5, < 2.6)
      faraday (~> 0.8, < 1.0)
    sinatra (1.4.8)
      rack (~> 1.5)
      rack-protection (~> 1.4)
      tilt (>= 1.3, < 3)
    sinatra-contrib (1.4.7)
      backports (>= 2.0)
      multi_json
      rack-protection
      rack-test
      sinatra (~> 1.4.0)
      tilt (>= 1.3, < 3)
    tilt (2.0.7)

PLATFORMS
  ruby

DEPENDENCIES
  classifier-reborn
  jekyll (~> 3.4.3)
  jekyll-admin
  jekyll-compose
  jekyll-crosspost-to-medium
  jekyll-deploy
  jekyll-feed
  jekyll-gist
  jekyll-github-metadata
  jekyll-paginate
  jekyll-redirect-from
  jekyll-seo-tag
  jekyll-sitemap
  jekyll-time-to-read
  jekyll-twitter-plugin
  jekyll-webmention-io!
  jekyll_version_plugin
  rb-gsl
  redcarpet

BUNDLED WITH
   1.14.5
